GEM
  remote: https://rubygems.org/
  specs:
    bson (4.2.2)
    mongo (2.4.3)
      bson (>= 4.2.1, < 5.0.0)

PLATFORMS
  ruby

DEPENDENCIES
  mongo!

BUNDLED WITH
   1.16.0
